GEM
  remote: https://rubygems.org/
  specs:
    daemons (1.1.9)
    dino (0.11.2)
      serialport
    eventmachine (1.0.3)
    faraday (0.8.8)
      multipart-post (~> 1.2.0)
    ffi (1.9.0)
    iremocon (0.0.1)
    lita (2.2.0)
      bundler (~> 1.3)
      faraday (~> 0.8.7)
      multi_json (~> 1.7.7)
      rack (~> 1.5.2)
      redis-namespace (~> 1.3.0)
      thin (~> 1.5.1)
      thor (~> 0.18.1)
    lita-hipchat (1.0.1)
      lita (~> 2.0)
      xmpp4r (~> 0.5)
    lita-schedule (0.0.3)
      lita (~> 2.2)
      rufus-scheduler (~> 2.0.23)
    multi_json (1.7.7)
    multipart-post (1.2.0)
    net-ping (1.7.0)
      ffi (>= 1.0.0)
    nokogiri (1.5.11)
    rack (1.5.2)
    rake (10.1.1)
    redis (3.0.4)
    redis-namespace (1.3.1)
      redis (~> 3.0.0)
    rufus-scheduler (2.0.24)
      tzinfo (>= 0.3.22)
    say-japanese (0.0.1)
    serialport (1.1.0)
    thin (1.5.1)
      daemons (>= 1.0.9)
      eventmachine (>= 0.12.6)
      rack (>= 1.0.0)
    thor (0.18.1)
    tzinfo (1.0.1)
    weather_jp (1.0.4)
      nokogiri (~> 1.5.5)
      rake (>= 0.9.2)
    xmpp4r (0.5)

PLATFORMS
  ruby

DEPENDENCIES
  dino
  iremocon
  lita (= 2.2.0)
  lita-hipchat
  lita-schedule (= 0.0.3)
  net-ping (~> 1.7.0)
  say-japanese
  weather_jp
